GEM
  remote: https://rubygems.org/
  specs:
    ast (2.3.0)
    awesome_print (1.6.1)
    byebug (4.0.5)
      columnize (= 0.9.0)
    coderay (1.1.0)
    columnize (0.9.0)
    coolline (0.5.0)
      unicode_utils (~> 1.4)
    debase (0.2.1)
      debase-ruby_core_source
    debase-ruby_core_source (0.9.9)
    method_source (0.8.2)
    parallel (1.12.0)
    parser (2.4.0.0)
      ast (~> 2.2)
    powerpack (0.1.1)
    pry (0.10.1)
      coderay (~> 1.1.0)
      method_source (~> 0.8.1)
      slop (~> 3.4)
    pry-byebug (3.1.0)
      byebug (~> 4.0)
      pry (~> 0.10)
    pry-coolline (0.2.5)
      coolline (~> 0.5)
    pry-doc (0.6.0)
      pry (~> 0.9)
      yard (~> 0.8)
    rainbow (2.2.2)
      rake
    rake (12.0.0)
    rubocop (0.49.1)
      parallel (~> 1.10)
      parser (>= 2.3.3.1, < 3.0)
      powerpack (~> 0.1)
      rainbow (>= 1.99.1, < 3.0)
      ruby-progressbar (~> 1.7)
      unicode-display_width (~> 1.0, >= 1.0.1)
    ruby-debug-ide (0.6.0)
      rake (>= 0.8.1)
    ruby-lint (2.0.4)
      parser (~> 2.2)
      slop (~> 3.4, >= 3.4.7)
    ruby-progressbar (1.8.1)
    sass (3.4.25)
    scss_lint (0.54.0)
      rake (>= 0.9, < 13)
      sass (~> 3.4.20)
    slop (3.6.0)
    unicode-display_width (1.3.0)
    unicode_utils (1.4.0)
    yard (0.8.7.6)

PLATFORMS
  ruby

DEPENDENCIES
  awesome_print
  debase
  pry
  pry-byebug
  pry-coolline
  pry-doc
  rubocop
  ruby-debug-ide
  ruby-lint
  scss_lint

BUNDLED WITH
   1.15.3
